PATH
  remote: .
  specs:
    contract_value_object (0.0.4)
      contracts

GEM
  remote: https://rubygems.org/
  specs:
    awesome_print (1.8.0)
    contracts (0.16.0)
    diff-lcs (1.3)
    rake (10.5.0)
    rspec (3.8.0)
      rspec-core (~> 3.8.0)
      rspec-expectations (~> 3.8.0)
      rspec-mocks (~> 3.8.0)
    rspec-core (3.8.0)
      rspec-support (~> 3.8.0)
    rspec-expectations (3.8.3)
      diff-lcs (>= 1.2.0, < 2.0)
      rspec-support (~> 3.8.0)
    rspec-mocks (3.8.0)
      diff-lcs (>= 1.2.0, < 2.0)
      rspec-support (~> 3.8.0)
    rspec-support (3.8.0)

PLATFORMS
  ruby

DEPENDENCIES
  awesome_print
  bundler (~> 1.15.4)
  contract_value_object!
  rake (~> 10.0)
  rspec (~> 3.0)

BUNDLED WITH
   1.15.4
